GIT
  remote: git://github.com/elasticsearch/logstash-devutils.git
  revision: 7f94ab80c520462910220e203cc04212ae8c49bd
  branch: fix/mri_compatibility
  specs:
    logstash-devutils (0.0.8)
      gem_publisher
      insist (= 1.0.0)
      minitar
      rake

PATH
  remote: .
  specs:
    logstash (2.0.0.dev)
      cabin (>= 0.7.0)
      ci_reporter (= 1.9.3)
      clamp
      excon
      file-dependencies
      filesize
      ftw (~> 0.0.40)
      i18n (= 0.6.9)
      jar-dependencies (= 0.1.7)
      logstash-devutils
      maven-tools
      mime-types
      minitar
      oj
      pry
      rack
      rspec (~> 2.14.0)
      ruby-maven
      sinatra
      stud
      treetop (~> 1.4.0)

GEM
  remote: https://rubygems.org/
  specs:
    addressable (2.3.6)
    atomic (1.1.99)
    avl_tree (1.2.1)
      atomic (~> 1.1)
    awesome_print (1.6.1)
    aws-sdk (1.61.0)
      aws-sdk-v1 (= 1.61.0)
    aws-sdk-v1 (1.61.0)
      json (~> 1.4)
      nokogiri (>= 1.4.4)
    axiom-types (0.1.1)
      descendants_tracker (~> 0.0.4)
      ice_nine (~> 0.11.0)
      thread_safe (~> 0.3, >= 0.3.1)
    backports (3.6.4)
    bindata (2.1.0)
    buftok (0.2.0)
    builder (3.2.2)
    cabin (0.7.1)
    ci_reporter (1.9.3)
      builder (>= 2.1.2)
    cinch (2.2.3)
    clamp (0.6.3)
    coderay (1.1.0)
    coercible (1.0.0)
      descendants_tracker (~> 0.0.1)
    descendants_tracker (0.0.4)
      thread_safe (~> 0.3, >= 0.3.1)
    diff-lcs (1.2.5)
    edn (1.0.6)
    elasticsearch (1.0.6)
      elasticsearch-api (= 1.0.6)
      elasticsearch-transport (= 1.0.6)
    elasticsearch-api (1.0.6)
      multi_json
    elasticsearch-transport (1.0.6)
      faraday
      multi_json
    equalizer (0.0.9)
    excon (0.44.1)
    faraday (0.9.1)
      multipart-post (>= 1.2, < 3)
    ffi (1.9.6)
    ffi-rzmq (1.0.0)
      ffi
    file-dependencies (0.1.4)
      minitar
    filesize (0.0.4)
    filewatch (0.5.1)
    ftw (0.0.42)
      addressable
      backports (>= 2.6.2)
      cabin (> 0)
      http_parser.rb (~> 0.6)
    gelf (1.3.2)
      json
    gelfd (0.2.0)
    gem_publisher (1.5.0)
    geoip (1.4.0)
    gmetric (0.1.3)
    hitimes (1.2.2)
    http (0.6.3)
      http_parser.rb (~> 0.6.0)
    http_parser.rb (0.6.0)
    i18n (0.6.9)
    ice_nine (0.11.1)
    insist (1.0.0)
    jar-dependencies (0.1.7)
    jls-grok (0.11.0)
      cabin (>= 0.6.0)
    jls-lumberjack (0.0.20)
    json (1.8.2)
    logstash-codec-collectd (0.1.5)
      logstash (>= 1.4.0, < 2.0.0)
    logstash-codec-dots (0.1.4)
      logstash (>= 1.4.0, < 2.0.0)
    logstash-codec-edn (0.1.4)
      edn
      logstash (>= 1.4.0, < 2.0.0)
    logstash-codec-edn_lines (0.1.5)
      edn
      logstash (>= 1.4.0, < 2.0.0)
      logstash-codec-line
    logstash-codec-es_bulk (0.1.3)
      logstash (>= 1.4.0, < 2.0.0)
      logstash-codec-line
    logstash-codec-graphite (0.1.4)
      logstash (>= 1.4.0, < 2.0.0)
      logstash-codec-line
    logstash-codec-json (0.1.5)
      logstash (>= 1.4.0, < 2.0.0)
    logstash-codec-json_lines (0.1.5)
      logstash (>= 1.4.0, < 2.0.0)
      logstash-codec-line
    logstash-codec-line (0.1.4)
      logstash (>= 1.4.0, < 2.0.0)
    logstash-codec-multiline (0.1.4)
      jls-grok (= 0.11.0)
      logstash (>= 1.4.0, < 2.0.0)
      logstash-patterns-core
    logstash-codec-netflow (0.1.3)
      bindata (>= 1.5.0)
      logstash (>= 1.4.0, < 2.0.0)
    logstash-codec-oldlogstashjson (0.1.4)
      logstash (>= 1.4.0, < 2.0.0)
    logstash-codec-plain (0.1.4)
      logstash (>= 1.4.0, < 2.0.0)
    logstash-codec-rubydebug (0.1.5)
      awesome_print
      logstash (>= 1.4.0, < 2.0.0)
    logstash-filter-anonymize (0.1.3)
      logstash (>= 1.4.0, < 2.0.0)
      murmurhash3
    logstash-filter-checksum (0.1.4)
      logstash (>= 1.4.0, < 2.0.0)
    logstash-filter-clone (0.1.3)
      logstash (>= 1.4.0, < 2.0.0)
    logstash-filter-csv (0.1.3)
      logstash (>= 1.4.0, < 2.0.0)
    logstash-filter-date (0.1.3)
      logstash (>= 1.4.0, < 2.0.0)
      logstash-codec-json
      logstash-input-generator
      logstash-output-null
    logstash-filter-dns (0.1.3)
      logstash (>= 1.4.0, < 2.0.0)
    logstash-filter-drop (0.1.3)
      logstash (>= 1.4.0, < 2.0.0)
    logstash-filter-fingerprint (0.1.3)
      logstash (>= 1.4.0, < 2.0.0)
      murmurhash3
    logstash-filter-geoip (0.1.4)
      geoip (>= 1.3.2)
      logstash (>= 1.4.0, < 2.0.0)
    logstash-filter-grok (0.1.3)
      jls-grok (= 0.11.0)
      logstash (>= 1.4.0, < 2.0.0)
      logstash-patterns-core
    logstash-filter-json (0.1.3)
      logstash (>= 1.4.0, < 2.0.0)
    logstash-filter-kv (0.1.3)
      logstash (>= 1.4.0, < 2.0.0)
    logstash-filter-metrics (0.1.5)
      logstash (>= 1.4.0, < 2.0.0)
      metriks
    logstash-filter-multiline (0.1.4)
      jls-grok (~> 0.11.0)
      logstash (>= 1.4.0, < 2.0.0)
      logstash-filter-mutate
      logstash-patterns-core
    logstash-filter-mutate (0.1.3)
      logstash (>= 1.4.0, < 2.0.0)
      logstash-filter-grok
      logstash-patterns-core
    logstash-filter-ruby (0.1.3)
      logstash (>= 1.4.0, < 2.0.0)
      logstash-filter-date
    logstash-filter-sleep (0.1.3)
      logstash (>= 1.4.0, < 2.0.0)
    logstash-filter-split (0.1.3)
      logstash (>= 1.4.0, < 2.0.0)
    logstash-filter-syslog_pri (0.1.3)
      logstash (>= 1.4.0, < 2.0.0)
    logstash-filter-throttle (0.1.3)
      logstash (>= 1.4.0, < 2.0.0)
    logstash-filter-urldecode (0.1.3)
      logstash (>= 1.4.0, < 2.0.0)
    logstash-filter-useragent (0.1.3)
      logstash (>= 1.4.0, < 2.0.0)
      user_agent_parser (>= 2.0.0)
    logstash-filter-uuid (0.1.3)
      logstash (>= 1.4.0, < 2.0.0)
    logstash-filter-xml (0.1.3)
      logstash (>= 1.4.0, < 2.0.0)
      nokogiri
      xml-simple
    logstash-input-couchdb_changes (0.1.2)
      json
      logstash (>= 1.4.0, < 2.0.0)
      logstash-codec-plain
    logstash-input-elasticsearch (0.1.3)
      elasticsearch (~> 1.0, >= 1.0.6)
      logstash (>= 1.4.0, < 2.0.0)
      logstash-codec-json
    logstash-input-exec (0.1.2)
      logstash (>= 1.4.0, < 2.0.0)
      logstash-codec-plain
    logstash-input-file (0.1.3)
      addressable
      filewatch (= 0.5.1)
      logstash (>= 1.4.0, < 2.0.0)
      logstash-codec-plain
    logstash-input-ganglia (0.1.2)
      logstash (>= 1.4.0, < 2.0.0)
      logstash-codec-plain
    logstash-input-gelf (0.1.2)
      gelf (= 1.3.2)
      gelfd (= 0.2.0)
      logstash (>= 1.4.0, < 2.0.0)
      logstash-codec-plain
    logstash-input-generator (0.1.2)
      logstash (>= 1.4.0, < 2.0.0)
      logstash-codec-plain
    logstash-input-graphite (0.1.2)
      logstash (>= 1.4.0, < 2.0.0)
      logstash-input-tcp
    logstash-input-imap (0.1.2)
      logstash (>= 1.4.0, < 2.0.0)
      logstash-codec-plain
      mail
      stud
    logstash-input-irc (0.1.2)
      cinch
      logstash (>= 1.4.0, < 2.0.0)
      logstash-codec-plain
    logstash-input-log4j (0.1.2)
      jar-dependencies
      logstash (>= 1.4.0, < 2.0.0)
      logstash-codec-plain
    logstash-input-lumberjack (0.1.2)
      jls-lumberjack (>= 0.0.20)
      logstash (>= 1.4.0, < 2.0.0)
      logstash-codec-plain
    logstash-input-pipe (0.1.2)
      logstash (>= 1.4.0, < 2.0.0)
      logstash-codec-plain
    logstash-input-redis (0.1.2)
      logstash (>= 1.4.0, < 2.0.0)
      logstash-codec-json
      redis
    logstash-input-s3 (0.1.3)
      aws-sdk
      logstash (>= 1.4.0, < 2.0.0)
      logstash-codec-line
      logstash-mixin-aws
      stud (~> 0.0.18)
    logstash-input-snmptrap (0.1.2)
      logstash (>= 1.4.0, < 2.0.0)
      snmp
    logstash-input-sqs (0.1.2)
      aws-sdk
      logstash (>= 1.4.0, < 2.0.0)
      logstash-codec-json
    logstash-input-stdin (0.1.2)
      logstash (>= 1.4.0, < 2.0.0)
      logstash-codec-json
      logstash-codec-json_lines
      logstash-codec-line
      logstash-codec-plain
    logstash-input-tcp (0.1.2)
      logstash (>= 1.4.0, < 2.0.0)
      logstash-codec-json
      logstash-codec-json_lines
      logstash-codec-line
      logstash-codec-plain
    logstash-input-twitter (0.1.4)
      logstash (>= 1.4.0, < 2.0.0)
      twitter (= 5.12.0)
    logstash-input-udp (0.1.2)
      logstash (>= 1.4.0, < 2.0.0)
      logstash-codec-plain
    logstash-input-unix (0.1.2)
      logstash (>= 1.4.0, < 2.0.0)
      logstash-codec-line
    logstash-input-xmpp (0.1.2)
      logstash (>= 1.4.0, < 2.0.0)
      logstash-codec-plain
      xmpp4r (= 0.5)
    logstash-input-zeromq (0.1.2)
      ffi-rzmq
      logstash (>= 1.4.0, < 2.0.0)
      logstash-codec-json
    logstash-mixin-aws (0.1.5)
      aws-sdk
      logstash (>= 1.4.0, < 2.0.0)
      logstash-codec-plain
    logstash-output-cloudwatch (0.1.2)
      aws-sdk
      logstash (>= 1.4.0, < 2.0.0)
      logstash-mixin-aws
      rufus-scheduler (~> 2.0.24)
    logstash-output-csv (0.1.2)
      logstash (>= 1.4.0, < 2.0.0)
      logstash-filter-json
      logstash-output-file
    logstash-output-elasticsearch (0.1.6)
      cabin (~> 0.6)
      elasticsearch (~> 1.0, >= 1.0.6)
      jar-dependencies
      logstash (>= 1.4.0, < 2.0.0)
      stud (~> 0.0, >= 0.0.17)
    logstash-output-email (0.1.3)
      logstash (>= 1.4.0, < 2.0.0)
      mail
    logstash-output-exec (0.1.2)
      logstash (>= 1.4.0, < 2.0.0)
    logstash-output-file (0.1.3)
      logstash (>= 1.4.0, < 2.0.0)
      logstash-input-generator
    logstash-output-ganglia (0.1.2)
      gmetric (= 0.1.3)
      logstash (>= 1.4.0, < 2.0.0)
    logstash-output-gelf (0.1.2)
      gelf (= 1.3.2)
      logstash (>= 1.4.0, < 2.0.0)
    logstash-output-graphite (0.1.4)
      logstash (>= 1.4.0, < 2.0.0)
    logstash-output-hipchat (0.1.2)
      ftw (~> 0.0.40)
      logstash (>= 1.4.0, < 2.0.0)
    logstash-output-http (0.1.2)
      ftw (~> 0.0.40)
      logstash (>= 1.4.0, < 2.0.0)
    logstash-output-irc (0.1.2)
      cinch
      logstash (>= 1.4.0, < 2.0.0)
    logstash-output-juggernaut (0.1.2)
      logstash (>= 1.4.0, < 2.0.0)
      redis
    logstash-output-lumberjack (0.1.3)
      jls-lumberjack (>= 0.0.20)
      logstash (>= 1.4.0, < 2.0.0)
    logstash-output-nagios (0.1.2)
      logstash (>= 1.4.0, < 2.0.0)
    logstash-output-nagios_nsca (0.1.2)
      logstash (>= 1.4.0, < 2.0.0)
    logstash-output-null (0.1.2)
      logstash (>= 1.4.0, < 2.0.0)
    logstash-output-opentsdb (0.1.2)
      logstash (>= 1.4.0, < 2.0.0)
    logstash-output-pagerduty (0.1.2)
      logstash (>= 1.4.0, < 2.0.0)
    logstash-output-pipe (0.1.2)
      logstash (>= 1.4.0, < 2.0.0)
    logstash-output-redis (0.1.2)
      logstash (>= 1.4.0, < 2.0.0)
      redis
      stud
    logstash-output-s3 (0.1.4)
      aws-sdk
      logstash (>= 1.4.0, < 2.0.0)
      logstash-mixin-aws
      stud (~> 0.0.18)
    logstash-output-sns (0.1.2)
      aws-sdk
      logstash (>= 1.4.0, < 2.0.0)
      logstash-mixin-aws
    logstash-output-sqs (0.1.2)
      aws-sdk
      logstash (>= 1.4.0, < 2.0.0)
      logstash-mixin-aws
      stud
    logstash-output-statsd (0.1.4)
      logstash (>= 1.4.0, < 2.0.0)
      logstash-input-generator
      statsd-ruby (= 1.2.0)
    logstash-output-stdout (0.1.3)
      logstash (>= 1.4.0, < 2.0.0)
      logstash-codec-line
    logstash-output-tcp (0.1.3)
      logstash (>= 1.4.0, < 2.0.0)
      logstash-codec-json
      stud
    logstash-output-udp (0.1.3)
      logstash (>= 1.4.0, < 2.0.0)
      logstash-codec-json
    logstash-output-xmpp (0.1.2)
      logstash (>= 1.4.0, < 2.0.0)
      xmpp4r (= 0.5)
    logstash-output-zeromq (0.1.3)
      ffi-rzmq (= 1.0.0)
      logstash (>= 1.4.0, < 2.0.0)
      logstash-codec-json
    logstash-patterns-core (0.1.5)
      logstash (>= 1.4.0, < 2.0.0)
    mail (2.6.3)
      mime-types (>= 1.16, < 3)
    maven-tools (1.0.7)
      virtus (~> 1.0)
    memoizable (0.4.2)
      thread_safe (~> 0.3, >= 0.3.1)
    method_source (0.8.2)
    metriks (0.9.9.7)
      atomic (~> 1.0)
      avl_tree (~> 1.2.0)
      hitimes (~> 1.1)
    mime-types (2.4.3)
    mini_portile (0.6.2)
    minitar (0.5.4)
    multi_json (1.10.1)
    multipart-post (2.0.0)
    murmurhash3 (0.1.6)
    naught (1.0.0)
    nokogiri (1.6.6.2)
      mini_portile (~> 0.6.0)
    oj (2.11.4)
    polyglot (0.3.5)
    pry (0.10.1)
      coderay (~> 1.1.0)
      method_source (~> 0.8.1)
      slop (~> 3.4)
    rack (1.6.0)
    rack-protection (1.5.3)
      rack
    rake (10.4.2)
    redis (3.2.0)
    rspec (2.14.1)
      rspec-core (~> 2.14.0)
      rspec-expectations (~> 2.14.0)
      rspec-mocks (~> 2.14.0)
    rspec-core (2.14.8)
    rspec-expectations (2.14.5)
      diff-lcs (>= 1.1.3, < 2.0)
    rspec-mocks (2.14.6)
    ruby-maven (3.1.1.0.8)
      maven-tools (~> 1.0.1)
      ruby-maven-libs (= 3.1.1)
    ruby-maven-libs (3.1.1)
    rufus-scheduler (2.0.24)
      tzinfo (>= 0.3.22)
    simple_oauth (0.3.1)
    sinatra (1.4.5)
      rack (~> 1.4)
      rack-protection (~> 1.4)
      tilt (~> 1.3, >= 1.3.4)
    slop (3.6.0)
    snmp (1.2.0)
    statsd-ruby (1.2.0)
    stud (0.0.19)
    thread_safe (0.3.4)
    tilt (1.4.1)
    treetop (1.4.15)
      polyglot
      polyglot (>= 0.3.1)
    twitter (5.12.0)
      addressable (~> 2.3)
      buftok (~> 0.2.0)
      equalizer (~> 0.0.9)
      faraday (~> 0.9.0)
      http (~> 0.6.0)
      http_parser.rb (~> 0.6.0)
      json (~> 1.8)
      memoizable (~> 0.4.0)
      naught (~> 1.0)
      simple_oauth (~> 0.3.0)
    tzinfo (1.2.2)
      thread_safe (~> 0.1)
    user_agent_parser (2.2.0)
    virtus (1.0.4)
      axiom-types (~> 0.1)
      coercible (~> 1.0)
      descendants_tracker (~> 0.0, >= 0.0.3)
      equalizer (~> 0.0, >= 0.0.9)
    xml-simple (1.1.4)
    xmpp4r (0.5)

PLATFORMS
  ruby

DEPENDENCIES
  logstash!
  logstash-codec-collectd
  logstash-codec-dots
  logstash-codec-edn
  logstash-codec-edn_lines
  logstash-codec-es_bulk
  logstash-codec-graphite
  logstash-codec-json
  logstash-codec-json_lines
  logstash-codec-line
  logstash-codec-multiline
  logstash-codec-netflow
  logstash-codec-oldlogstashjson
  logstash-codec-plain
  logstash-codec-rubydebug
  logstash-devutils!
  logstash-filter-anonymize
  logstash-filter-checksum
  logstash-filter-clone
  logstash-filter-csv
  logstash-filter-dns
  logstash-filter-drop
  logstash-filter-fingerprint
  logstash-filter-geoip
  logstash-filter-grok
  logstash-filter-json
  logstash-filter-kv
  logstash-filter-metrics
  logstash-filter-multiline
  logstash-filter-mutate
  logstash-filter-ruby
  logstash-filter-sleep
  logstash-filter-split
  logstash-filter-syslog_pri
  logstash-filter-throttle
  logstash-filter-urldecode
  logstash-filter-useragent
  logstash-filter-uuid
  logstash-filter-xml
  logstash-input-couchdb_changes
  logstash-input-elasticsearch
  logstash-input-exec
  logstash-input-file
  logstash-input-ganglia
  logstash-input-gelf
  logstash-input-generator
  logstash-input-graphite
  logstash-input-imap
  logstash-input-irc
  logstash-input-log4j
  logstash-input-lumberjack
  logstash-input-pipe
  logstash-input-redis
  logstash-input-s3
  logstash-input-snmptrap
  logstash-input-sqs
  logstash-input-stdin
  logstash-input-tcp
  logstash-input-twitter
  logstash-input-udp
  logstash-input-unix
  logstash-input-xmpp
  logstash-input-zeromq
  logstash-output-cloudwatch
  logstash-output-csv
  logstash-output-elasticsearch
  logstash-output-email
  logstash-output-exec
  logstash-output-ganglia
  logstash-output-gelf
  logstash-output-graphite
  logstash-output-hipchat
  logstash-output-http
  logstash-output-irc
  logstash-output-juggernaut
  logstash-output-lumberjack
  logstash-output-nagios
  logstash-output-nagios_nsca
  logstash-output-null
  logstash-output-opentsdb
  logstash-output-pagerduty
  logstash-output-pipe
  logstash-output-redis
  logstash-output-s3
  logstash-output-sns
  logstash-output-sqs
  logstash-output-statsd
  logstash-output-stdout
  logstash-output-tcp
  logstash-output-udp
  logstash-output-xmpp
  logstash-output-zeromq
